GIT
  remote: git@github.com:maximderbin/rom-rails.git
  revision: 4b138dcd6dba118260bbed8db9e4fdc28486bd4b
  branch: patch-1
  specs:
    rom-rails (0.8.0)
      addressable (~> 2.3)
      charlatan (~> 0.1)
      dry-core (~> 0.2, >= 0.2.1)
      dry-equalizer (~> 0.2)
      railties (>= 3.0, < 6.0)
      rom (~> 3.0.0.beta)
      rom-model (~> 0.3)
      rom-support (~> 2.0)

GIT
  remote: git@github.com:rom-rb/rom-http.git
  revision: a0abf01d281602facfe1e9189571cf169e7e939d
  specs:
    rom-http (0.5.0)
      concurrent-ruby
      dry-core
      dry-equalizer
      rom

GIT
  remote: git@github.com:rom-rb/rom-repository.git
  revision: e29bf14688f85f3042e94d003a9a652d8d095d29
  specs:
    rom-repository (1.0.0.beta1)
      dry-core (~> 0.2, >= 0.2.1)
      dry-struct (~> 0.1)
      rom (~> 3.0.0.beta)
      rom-mapper (~> 0.4)

GIT
  remote: git@github.com:rom-rb/rom-sql.git
  revision: 581d0899ffc0738369fab5a099ed0c404cb0de7c
  specs:
    rom-sql (1.0.0.beta1)
      dry-core (~> 0.2, >= 0.2.3)
      dry-equalizer (~> 0.2)
      dry-types (~> 0.9)
      rom (~> 3.0.0.beta)
      sequel (~> 4.25)

GIT
  remote: git@github.com:rom-rb/rom.git
  revision: 31ae49ae96c90eec18ac364134fbbb9093c50768
  specs:
    rom (3.0.0.beta1)
      concurrent-ruby (~> 1.0)
      dry-core (~> 0.2, >= 0.2.3)
      dry-equalizer (~> 0.2)
      dry-initializer (~> 0.10, >= 0.10.2)
      dry-types (~> 0.8)
      rom-mapper (~> 0.4.0)

GEM
  remote: https://rubygems.org/
  specs:
    actionpack (5.0.1)
      actionview (= 5.0.1)
      activesupport (= 5.0.1)
      rack (~> 2.0)
      rack-test (~> 0.6.3)
      rails-dom-testing (~> 2.0)
      rails-html-sanitizer (~> 1.0, >= 1.0.2)
    actionview (5.0.1)
      activesupport (= 5.0.1)
      builder (~> 3.1)
      erubis (~> 2.7.0)
      rails-dom-testing (~> 2.0)
      rails-html-sanitizer (~> 1.0, >= 1.0.2)
    activemodel (5.0.1)
      activesupport (= 5.0.1)
    activesupport (5.0.1)
      concurrent-ruby (~> 1.0, >= 1.0.2)
      i18n (~> 0.7)
      minitest (~> 5.1)
      tzinfo (~> 1.1)
    addressable (2.5.0)
      public_suffix (~> 2.0, >= 2.0.2)
    axiom-types (0.1.1)
      descendants_tracker (~> 0.0.4)
      ice_nine (~> 0.11.0)
      thread_safe (~> 0.3, >= 0.3.1)
    builder (3.2.2)
    byebug (9.0.6)
    charlatan (0.1.0)
    coderay (1.1.1)
    coercible (1.0.0)
      descendants_tracker (~> 0.0.1)
    colorize (0.8.1)
    concurrent-ruby (1.0.4)
    crack (0.4.3)
      safe_yaml (~> 1.0.0)
    descendants_tracker (0.0.4)
      thread_safe (~> 0.3, >= 0.3.1)
    dry-configurable (0.5.0)
      concurrent-ruby (~> 1.0)
    dry-container (0.6.0)
      concurrent-ruby (~> 1.0)
      dry-configurable (~> 0.1, >= 0.1.3)
    dry-core (0.2.3)
      concurrent-ruby (~> 1.0)
    dry-equalizer (0.2.0)
    dry-initializer (0.11.0)
    dry-logic (0.4.0)
      dry-container (~> 0.2, >= 0.2.6)
      dry-core (~> 0.1)
      dry-equalizer (~> 0.2)
    dry-struct (0.1.1)
      dry-configurable (~> 0.1)
      dry-equalizer (~> 0.2)
      dry-types (~> 0.9, >= 0.9.0)
      ice_nine (~> 0.11)
    dry-types (0.9.3)
      concurrent-ruby (~> 1.0)
      dry-configurable (~> 0.1)
      dry-container (~> 0.3)
      dry-core (~> 0.2, >= 0.2.1)
      dry-equalizer (~> 0.2)
      dry-logic (~> 0.4, >= 0.4.0)
      inflecto (~> 0.0.0, >= 0.0.2)
    equalizer (0.0.11)
    erubis (2.7.0)
    hashdiff (0.3.2)
    httplog (0.3.3)
      colorize
    i18n (0.7.0)
    ice_nine (0.11.2)
    inflecto (0.0.2)
    loofah (2.0.3)
      nokogiri (>= 1.5.9)
    method_source (0.8.2)
    mini_portile2 (2.1.0)
    minitest (5.10.1)
    nokogiri (1.7.0.1)
      mini_portile2 (~> 2.1.0)
    pg (0.19.0)
    pry (0.10.4)
      coderay (~> 1.1.0)
      method_source (~> 0.8.1)
      slop (~> 3.4)
    pry-rails (0.3.4)
      pry (>= 0.9.10)
    public_suffix (2.0.5)
    puma (3.6.2)
    rack (2.0.1)
    rack-test (0.6.3)
      rack (>= 1.0)
    rails-dom-testing (2.0.2)
      activesupport (>= 4.2.0, < 6.0)
      nokogiri (~> 1.6)
    rails-html-sanitizer (1.0.3)
      loofah (~> 2.0)
    railties (5.0.1)
      actionpack (= 5.0.1)
      activesupport (= 5.0.1)
      method_source
      rake (>= 0.8.7)
      thor (>= 0.18.1, < 2.0)
    rake (12.0.0)
    rom-mapper (0.4.0)
      dry-equalizer (~> 0.2)
      rom-support (~> 2.0.0)
      transproc (~> 0.4.0)
    rom-model (0.4.0)
      activemodel (>= 3.0, < 6.0)
      charlatan (~> 0.1)
      dry-equalizer (~> 0.2)
      i18n
      rom-support (~> 2.0)
      virtus (~> 1.0, >= 1.0.5)
    rom-support (2.0.0)
      concurrent-ruby (~> 1.0)
      dry-equalizer (~> 0.2)
      transproc (~> 0.4.0)
      wisper (~> 1.6, >= 1.6.0)
    safe_yaml (1.0.4)
    sequel (4.42.0)
    slop (3.6.0)
    thor (0.19.4)
    thread_safe (0.3.5)
    transproc (0.4.1)
    tzinfo (1.2.2)
      thread_safe (~> 0.1)
    virtus (1.0.5)
      axiom-types (~> 0.1)
      coercible (~> 1.0)
      descendants_tracker (~> 0.0, >= 0.0.3)
      equalizer (~> 0.0, >= 0.0.9)
    webmock (2.3.2)
      addressable (>= 2.3.6)
      crack (>= 0.3.2)
      hashdiff
    wisper (1.6.1)

PLATFORMS
  ruby

DEPENDENCIES
  actionpack (= 5.0.1)
  actionview (= 5.0.1)
  byebug
  httplog
  pg
  pry-rails
  puma (~> 3.0)
  railties (= 5.0.1)
  rom!
  rom-http!
  rom-rails!
  rom-repository!
  rom-sql!
  tzinfo-data
  webmock

RUBY VERSION
   ruby 2.4.0p0

BUNDLED WITH
   1.13.7
